GEM
  remote: https://rubygems.org/
  specs:
    rake (13.0.6)
    webvtt-ruby (0.3.2)

PLATFORMS
  arm64-darwin-21

DEPENDENCIES
  rake (~> 13.0)
  webvtt-ruby (~> 0.3.2)

BUNDLED WITH
   2.3.10
